GEM
  remote: https://rubygems.org/
  specs:
    ast (2.4.2)
    parser (3.0.0.0)
      ast (~> 2.4.1)
    regexp_parser (2.0.3)
    ruby2js (4.0.0)
      parser
      regexp_parser

PLATFORMS
  ruby

DEPENDENCIES
  ruby2js (~> 4.0)

BUNDLED WITH
   2.1.4
