GEM
  remote: https://rubygems.org/
  specs:
    ast (2.4.2)
    parser (3.0.1.1)
      ast (~> 2.4.1)
    regexp_parser (2.1.1)
    ruby2js (4.1.4)
      parser
      regexp_parser (~> 2.1.1)

PLATFORMS
  ruby

DEPENDENCIES
  ruby2js (~> 4.0)

BUNDLED WITH
   2.2.15
